GEM
  remote: https://rubygems.org/
  specs:
    puma (3.10.0)
    rack (2.0.3)

PLATFORMS
  ruby

DEPENDENCIES
  puma (~> 3.7)
  rack (~> 2.0.3)

BUNDLED WITH
   1.15.3
