GEM
  remote: https://rubygems.org/
  specs:
    prometheus-client (0.7.1)
      quantile (~> 0.2.0)
    puma (3.10.0)
    quantile (0.2.0)
    rack (2.0.3)

PLATFORMS
  ruby

DEPENDENCIES
  prometheus-client (~> 0.7.1)
  puma (~> 3.7)
  rack (~> 2.0.3)

BUNDLED WITH
   1.15.3
